GEM
  specs:
    bourne (1.0)
      mocha (= 0.9.8)
    git (1.2.5)
    jeweler (1.8.4)
      bundler (~> 1.0)
      git (>= 1.2.5)
      rake
      rdoc
    json (1.7.7)
    mocha (0.9.8)
      rake
    rake (10.0.4)
    rdoc (3.12.2)
      json (~> 1.4)
    redis (2.0.12)
    rspec (1.3.0)

PLATFORMS
  ruby

DEPENDENCIES
  bourne (= 1.0.0)
  jeweler
  redis (= 2.0.12)
  rspec (= 1.3.0)
